GEM
  remote: https://rubygems.org/
  specs:
    concurrent-ruby (1.1.10)
    ffi (1.15.5)
    instana (1.208.0)
      concurrent-ruby (>= 1.1)
      oj (>= 3.0.11)
      sys-proctable (>= 1.2.2)
    nio4r (2.5.2)
    oj (3.13.11)
    puma (4.3.5)
      nio4r (~> 2.0)
    rack (2.2.3)
    sys-proctable (1.2.6)
      ffi

PLATFORMS
  ruby

DEPENDENCIES
  instana
  puma
  rack
